{
    "TaskName": "LocalizerControl",
    "Manufacturer": "CTF",
    "PowerLineFrequency": 50,
    "SamplingFrequency": 12000.0,
    "SoftwareFilters": "n/a",
    "RecordingDuration": 299.99991666666665,
    "RecordingType": "continuous",
    "DewarPosition": "n/a",
    "DigitizedLandmarks": false,
    "DigitizedHeadPoints": false,
    "MEGChannelCount": 272,
    "MEGREFChannelCount": 28,
    "EEGChannelCount": 0,
    "EOGChannelCount": 0,
    "ECGChannelCount": 0,
    "EMGChannelCount": 0,
    "MiscChannelCount": 3,
    "TriggerChannelCount": 1
}
